NUGET
  remote: https://nuget.org/api/v2
  specs:
    encog-dotnet-core (3.3.0)
    ExtCore (0.8.45)
    FAKE (3.18.0)
    FsCheck (1.0.4)
    FsCheck.Nunit (1.0.4)
      FsCheck (>= 1.0.4)
      NUnit (>= 2.6.3)
      NUnit.Runners (>= 2.6.3)
    FsControl (1.0.13)
    FSharp.Charting (0.90.9)
    FSharp.Compiler.Service (0.0.86)
    FSharp.Data (2.1.1)
      Zlib.Portable (>= 1.10.0) - framework: portable-net40+sl50+wp80+win80
    FSharp.Formatting (2.7.4)
      FSharp.Compiler.Service (>= 0.0.82)
      FSharpVSPowerTools.Core (>= 1.7.0)
    FSharpPlus (0.0.4)
      FsControl (>= 1.0.9)
    FSharpVSPowerTools.Core (1.7.0)
      FSharp.Compiler.Service (>= 0.0.81)
    FSharpx (1.2.1.110910)
    Microsoft.Bcl (1.1.10)
      Microsoft.Bcl.Build (>= 1.0.14)
    Microsoft.Bcl.Build (1.0.21)
    Microsoft.Net.Http (2.2.29)
      Microsoft.Bcl (>= 1.1.10)
      Microsoft.Bcl.Build (>= 1.0.14)
    NUnit (2.6.4)
    NUnit.Runners (2.6.4)
    NUnitTestAdapter (1.2)
    Octokit (0.7.2)
      Microsoft.Net.Http
    SourceLink.Fake (0.4.2)
    Unquote (2.2.2)
    Zlib.Portable (1.10.0) - framework: portable-net40+sl50+wp80+win80
GITHUB
  remote: fsharp/FAKE
  specs:
    modules/Octokit/Octokit.fsx (9c61ff79fce68a16fc4b027c8a931d89d7fb7c6d)
      Octokit